PATH
  remote: .
  specs:
    xcmake (0.1.0)
      colorize (~> 0.8.1)
      thor (~> 0.20.0)
      xcodeproj (~> 1.5.7)

GEM
  remote: https://rubygems.org/
  specs:
    CFPropertyList (3.0.0)
    atomos (0.1.2)
    claide (1.0.2)
    colored2 (3.1.2)
    colorize (0.8.1)
    minitest (5.11.3)
    nanaimo (0.2.5)
    thor (0.20.0)
    xcodeproj (1.5.7)
      CFPropertyList (>= 2.3.3, < 4.0)
      atomos (~> 0.1.2)
      claide (>= 1.0.2, < 2.0)
      colored2 (~> 3.1)
      nanaimo (~> 0.2.4)

PLATFORMS
  ruby

DEPENDENCIES
  minitest (~> 5.0)
  xcmake!

BUNDLED WITH
   1.16.1
